PATH
  remote: .
  specs:
    social_authority (1.0)
      httparty (~> 0.11.0)
      ruby-hmac

GEM
  remote: https://rubygems.org/
  specs:
    addressable (2.3.4)
    crack (0.3.2)
    fakeweb (1.3.0)
    httparty (0.11.0)
      multi_json (~> 1.0)
      multi_xml (>= 0.5.2)
    json (1.7.7)
    minitest (4.7.4)
    multi_json (1.7.3)
    multi_xml (0.5.3)
    rake (10.0.4)
    ruby-hmac (0.4.0)
    vcr (2.5.0)
    webmock (1.8.11)
      addressable (>= 2.2.7)
      crack (>= 0.1.7)

PLATFORMS
  ruby

DEPENDENCIES
  fakeweb (~> 1.3)
  httparty (~> 0.11.0)
  json (~> 1.7.7)
  minitest
  rake
  ruby-hmac
  social_authority!
  vcr (>= 2.0)
  webmock (~> 1.8.0)
